GEM
  remote: https://rubygems.org/
  specs:
    activesupport (4.2.6)
      i18n (~> 0.7)
      json (~> 1.7, >= 1.7.7)
      minitest (~> 5.1)
      thread_safe (~> 0.3, >= 0.3.4)
      tzinfo (~> 1.1)
    addressable (2.3.8)
    dotenv (2.1.0)
    erubis (2.7.0)
    eventmachine (1.2.0.1)
    excon (0.48.0)
    faraday (0.9.2)
      multipart-post (>= 1.2, < 3)
    faraday_middleware (0.10.0)
      faraday (>= 0.7.4, < 0.10)
    faye-websocket (0.10.3)
      eventmachine (>= 0.12.0)
      websocket-driver (>= 0.5.1)
    git (1.3.0)
    gli (2.13.4)
    hashdiff (0.2.3)
    hashie (3.4.3)
    heroics (0.0.16)
      erubis (~> 2.0)
      excon
      moneta
      multi_json (>= 1.9.2)
      netrc
    heroku_builder (0.1.8)
      git (~> 1.2)
      hashdiff (~> 0.2.2)
      platform-api (~> 0.3.0)
    i18n (0.7.0)
    json (1.8.3)
    json-schema (2.6.1)
      addressable (~> 2.3.8)
    minitest (5.8.4)
    moneta (0.8.0)
    multi_json (1.11.2)
    multipart-post (2.0.0)
    netrc (0.11.0)
    platform-api (0.3.0)
      heroics (~> 0.0.10)
    rack (1.6.4)
    rack-protection (1.5.3)
      rack
    sinatra (1.4.7)
      rack (~> 1.5)
      rack-protection (~> 1.4)
      tilt (>= 1.3, < 3)
    slack-ruby-client (0.7.0)
      activesupport
      faraday
      faraday_middleware
      gli
      hashie
      json
      websocket-driver
    thread_safe (0.3.5)
    tilt (2.0.2)
    tzinfo (1.2.2)
      thread_safe (~> 0.1)
    websocket-driver (0.6.3)
      websocket-extensions (>= 0.1.0)
    websocket-extensions (0.1.2)

PLATFORMS
  ruby

DEPENDENCIES
  dotenv
  eventmachine
  faye-websocket
  heroku_builder
  json-schema
  sinatra
  slack-ruby-client

BUNDLED WITH
   1.11.2
